GIT
  remote: https://github.com/brianhempel/active_record_union
  revision: 8ebe558709aabe039abd24e3e7dd4d4354a6de88
  specs:
    active_record_union (1.3.0)
      activerecord (>= 6.0)

GEM
  remote: http://rubygems.org/
  specs:
    actionview (8.0.0)
      activesupport (= 8.0.0)
      builder (~> 3.1)
      erubi (~> 1.11)
      rails-dom-testing (~> 2.2)
      rails-html-sanitizer (~> 1.6)
    activemodel (8.0.0)
      activesupport (= 8.0.0)
    activerecord (8.0.0)
      activemodel (= 8.0.0)
      activesupport (= 8.0.0)
      timeout (>= 0.4.0)
    activerecord-import (1.8.1)
      activerecord (>= 4.2)
    activesupport (8.0.0)
      base64
      benchmark (>= 0.3)
      bigdecimal
      concurrent-ruby (~> 1.0, >= 1.3.1)
      connection_pool (>= 2.2.5)
      drb
      i18n (>= 1.6, < 2)
      logger (>= 1.4.2)
      minitest (>= 5.1)
      securerandom (>= 0.3)
      tzinfo (~> 2.0, >= 2.0.5)
      uri (>= 0.13.1)
    addressable (2.8.7)
      public_suffix (>= 2.0.2, < 7.0)
    base64 (0.2.0)
    bcp47_spec (0.2.1)
    benchmark (0.4.0)
    bigdecimal (3.1.8)
    biodiversity (6.0.1)
      ffi (~> 1.15)
    builder (3.3.0)
    byebug (11.1.3)
    capitalize-names (1.2.0)
    charlock_holmes (0.7.9)
    chronic (0.10.2)
    colorize (1.1.0)
    concurrent-ruby (1.3.4)
    config (5.5.2)
      deep_merge (~> 1.2, >= 1.2.1)
      ostruct
    connection_pool (2.4.1)
    counter_culture (3.8.2)
      activerecord (>= 4.2)
      activesupport (>= 4.2)
    crass (1.0.6)
    date (3.4.1)
    deep_merge (1.2.2)
    diff-lcs (1.5.1)
    domain_name (0.6.20240107)
    down (5.4.2)
      addressable (~> 2.8)
    drb (2.2.1)
    dwc-archive (1.1.9)
      biodiversity (~> 6.0)
      nokogiri (~> 1.16)
    dwc_agent (3.3.0.0)
      namae (~> 1)
      namecase (~> 2)
    elasticsearch (7.17.11)
      elasticsearch-api (= 7.17.11)
      elasticsearch-transport (= 7.17.11)
    elasticsearch-api (7.17.11)
      multi_json
    elasticsearch-transport (7.17.11)
      base64
      faraday (>= 1, < 3)
      multi_json
    erubi (1.13.0)
    ethon (0.16.0)
      ffi (>= 1.15.0)
    excon (0.112.0)
    faraday (2.12.1)
      faraday-net_http (>= 2.0, < 3.5)
      json
      logger
    faraday-excon (2.2.0)
      excon (>= 0.109.0)
      faraday (>= 2.11.0, < 3)
    faraday-multipart (1.0.4)
      multipart-post (~> 2)
    faraday-net_http (3.4.0)
      net-http (>= 0.5.0)
    faraday-typhoeus (1.1.0)
      faraday (~> 2.0)
      typhoeus (~> 1.4)
    ffi (1.17.0-x86_64-darwin)
    ffi (1.17.0-x86_64-linux-gnu)
    haml (5.2.2)
      temple (>= 0.8.0)
      tilt
    hashie (5.0.0)
    htmlentities (4.3.4)
    http-accept (1.7.0)
    http-cookie (1.0.7)
      domain_name (~> 0.5)
    i18n (1.14.6)
      concurrent-ruby (~> 1.0)
    i18n_data (1.1.0)
      simple_po_parser (~> 1.1)
    iso_country_codes (0.7.8)
    json (2.8.2)
    jwt (2.9.3)
      base64
    link_header (0.0.8)
    logger (1.6.2)
    loofah (2.23.1)
      crass (~> 1.0.2)
      nokogiri (>= 1.12.0)
    mail (2.8.1)
      mini_mime (>= 0.1.1)
      net-imap
      net-pop
      net-smtp
    mime-types (3.6.0)
      logger
      mime-types-data (~> 3.2015)
    mime-types-data (3.2024.1105)
    mini_magick (5.0.1)
    mini_mime (1.1.5)
    minitest (5.25.2)
    multi_json (1.15.0)
    multi_xml (0.7.1)
      bigdecimal (~> 3.1)
    multipart-post (2.4.1)
    mustermann (3.0.3)
      ruby2_keywords (~> 0.0.1)
    namae (1.2.0)
      racc (~> 1.7)
    namecase (2.0.0)
    net-http (0.6.0)
      uri
    net-http-persistent (4.0.4)
      connection_pool (~> 2.2)
    net-imap (0.5.1)
      date
      net-protocol
    net-pop (0.1.2)
      net-protocol
    net-protocol (0.2.2)
      timeout
    net-smtp (0.5.0)
      net-protocol
    netrc (0.11.0)
    nio4r (2.7.4)
    nokogiri (1.16.8-x86_64-darwin)
      racc (~> 1.4)
    nokogiri (1.16.8-x86_64-linux)
      racc (~> 1.4)
    oauth2 (2.0.9)
      faraday (>= 0.17.3, < 3.0)
      jwt (>= 1.0, < 3.0)
      multi_xml (~> 0.5)
      rack (>= 1.2, < 4)
      snaky_hash (~> 2.0)
      version_gem (~> 1.1)
    oj (3.16.7)
      bigdecimal (>= 3.0)
      ostruct (>= 0.2)
    omniauth (2.1.2)
      hashie (>= 3.4.6)
      rack (>= 2.2.3)
      rack-protection
    omniauth-oauth2 (1.8.0)
      oauth2 (>= 1.4, < 3)
      omniauth (~> 2.0)
    omniauth-orcid (2.1.1)
      omniauth-oauth2 (~> 1.3)
      ruby_dig (~> 0.0.2)
    ostruct (0.6.1)
    pagy (9.3.2)
    parallel (1.26.3)
    passenger (6.0.23)
      rack (>= 1.6.13)
      rackup
      rake (>= 12.3.3)
    pluck_to_hash (1.0.2)
      activerecord (>= 4.0.2)
      activesupport (>= 4.0.2)
    pony (1.13.1)
      mail (>= 2.0)
    public_suffix (6.0.1)
    puma (6.5.0)
      nio4r (~> 2.0)
    racc (1.8.1)
    rack (3.1.8)
    rack-contrib (2.5.0)
      rack (< 4)
    rack-protection (4.1.1)
      base64 (>= 0.1.0)
      logger (>= 1.6.0)
      rack (>= 3.0.0, < 4)
    rack-session (2.0.0)
      rack (>= 3.0.0)
    rack-test (2.1.0)
      rack (>= 1.3)
    rack-tracker (1.13.0)
      activesupport (>= 3.0)
      rack (>= 1.4)
      tilt (>= 1.4)
    rackup (2.2.1)
      rack (>= 3)
    rails-dom-testing (2.2.0)
      activesupport (>= 5.0.0)
      minitest
      nokogiri (>= 1.6)
    rails-html-sanitizer (1.6.1)
      loofah (~> 2.21)
      nokogiri (>= 1.15.7, != 1.16.7, != 1.16.6, != 1.16.5, != 1.16.4, != 1.16.3, != 1.16.2, != 1.16.1, != 1.16.0.rc1, != 1.16.0)
    rake (13.2.1)
    rdf (3.3.2)
      bcp47_spec (~> 0.2)
      bigdecimal (~> 3.1, >= 3.1.5)
      link_header (~> 0.0, >= 0.0.8)
    redis (5.3.0)
      redis-client (>= 0.22.0)
    redis-client (0.22.2)
      connection_pool
    require_all (3.0.0)
    rest-client (2.1.0)
      http-accept (>= 1.7.0, < 2.0)
      http-cookie (>= 1.0.2, < 2.0)
      mime-types (>= 1.16, < 4.0)
      netrc (~> 0.8)
    rexml (3.3.9)
    rspec (3.13.0)
      rspec-core (~> 3.13.0)
      rspec-expectations (~> 3.13.0)
      rspec-mocks (~> 3.13.0)
    rspec-core (3.13.2)
      rspec-support (~> 3.13.0)
    rspec-expectations (3.13.3)
      diff-lcs (>= 1.2.0, < 2.0)
      rspec-support (~> 3.13.0)
    rspec-mocks (3.13.2)
      diff-lcs (>= 1.2.0, < 2.0)
      rspec-support (~> 3.13.0)
    rspec-support (3.13.1)
    rss (0.3.1)
      rexml
    ruby-filemagic (0.7.3)
    ruby-progressbar (1.13.0)
    ruby2_keywords (0.0.5)
    ruby_dig (0.0.2)
    rubysl-securerandom (2.0.0)
    rubyzip (2.3.2)
    sanitize (6.1.3)
      crass (~> 1.0.2)
      nokogiri (>= 1.12.0)
    securerandom (0.4.0)
    sidekiq (7.3.6)
      connection_pool (>= 2.3.0)
      logger
      rack (>= 2.2.4)
      redis-client (>= 0.22.2)
    simple_po_parser (1.1.6)
    sinatra (4.1.1)
      logger (>= 1.6.0)
      mustermann (~> 3.0)
      rack (>= 3.0.0, < 4)
      rack-protection (= 4.1.1)
      rack-session (>= 2.0.0, < 3)
      tilt (~> 2.0)
    sinatra-cacher (1.0.0)
    sinatra-contrib (4.1.1)
      multi_json (>= 0.0.2)
      mustermann (~> 3.0)
      rack-protection (= 4.1.1)
      sinatra (= 4.1.1)
      tilt (~> 2.0)
    sinatra-flash (0.3.0)
      sinatra (>= 1.0.0)
    sinatra-outputbuffer (0.1.0)
      sinatra (>= 1.0.a)
    sinatra-support (1.2.2)
      sinatra (>= 1.0)
    sitemap_generator (6.3.0)
      builder (~> 3.0)
    snaky_hash (2.0.1)
      hashie
      version_gem (~> 1.1, >= 1.1.1)
    sort_alphabetical (1.1.0)
      unicode_utils (>= 1.2.2)
    sparql-client (3.3.0)
      net-http-persistent (~> 4.0, >= 4.0.2)
      rdf (~> 3.3)
    temple (0.10.3)
    tilt (2.4.0)
    timeout (0.4.2)
    trilogy (2.9.0)
    typhoeus (1.4.1)
      ethon (>= 0.9.0)
    tzinfo (2.0.6)
      concurrent-ruby (~> 1.0)
    unicode_utils (1.4.0)
    uri (1.0.2)
    version_gem (1.1.4)
    wikidata-client (0.1.0)
      excon (~> 0.92)
      faraday (~> 2.2)
      faraday-excon (~> 2.1)
      hashie (~> 5.0)

PLATFORMS
  x86_64-darwin-23
  x86_64-darwin-24
  x86_64-linux

DEPENDENCIES
  actionview
  active_record_union!
  activerecord
  activerecord-import
  activesupport
  addressable
  biodiversity
  byebug
  capitalize-names
  charlock_holmes
  chronic
  colorize
  config
  counter_culture
  down
  dwc-archive
  dwc_agent
  elasticsearch (~> 7.17)
  faraday-multipart
  faraday-typhoeus
  haml (~> 5.2.2)
  htmlentities
  i18n
  i18n_data
  iso_country_codes
  mini_magick
  namae
  nokogiri
  oauth2
  oj
  omniauth-orcid
  pagy
  parallel
  passenger
  pluck_to_hash
  pony
  puma
  rack-contrib
  rack-test
  rack-tracker
  rake
  redis
  require_all
  rest-client
  rspec
  rss
  ruby-filemagic
  ruby-progressbar
  rubysl-securerandom
  rubyzip
  sanitize
  sidekiq
  sinatra
  sinatra-cacher
  sinatra-contrib
  sinatra-flash
  sinatra-outputbuffer
  sinatra-support
  sitemap_generator
  sort_alphabetical
  sparql-client
  trilogy
  typhoeus
  wikidata-client

RUBY VERSION
   ruby 3.2.1p31

BUNDLED WITH
   2.5.23
